GEM
  remote: https://rubygems.org/
  specs:
    CFPropertyList (2.3.6)
    actioncable (7.0.0.rc1)
      actionpack (= 7.0.0.rc1)
      activesupport (= 7.0.0.rc1)
      nio4r (~> 2.0)
      websocket-driver (>= 0.6.1)
    actionmailbox (7.0.0.rc1)
      actionpack (= 7.0.0.rc1)
      activejob (= 7.0.0.rc1)
      activerecord (= 7.0.0.rc1)
      activestorage (= 7.0.0.rc1)
      activesupport (= 7.0.0.rc1)
      mail (>= 2.7.1)
    actionmailer (7.0.0.rc1)
      actionpack (= 7.0.0.rc1)
      actionview (= 7.0.0.rc1)
      activejob (= 7.0.0.rc1)
      activesupport (= 7.0.0.rc1)
      mail (~> 2.5, >= 2.5.4)
      rails-dom-testing (~> 2.0)
    actionpack (7.0.0.rc1)
      actionview (= 7.0.0.rc1)
      activesupport (= 7.0.0.rc1)
      rack (~> 2.0, >= 2.2.0)
      rack-test (>= 0.6.3)
      rails-dom-testing (~> 2.0)
      rails-html-sanitizer (~> 1.0, >= 1.2.0)
    actiontext (7.0.0.rc1)
      actionpack (= 7.0.0.rc1)
      activerecord (= 7.0.0.rc1)
      activestorage (= 7.0.0.rc1)
      activesupport (= 7.0.0.rc1)
      globalid (>= 0.6.0)
      nokogiri (>= 1.8.5)
    actionview (7.0.0.rc1)
      activesupport (= 7.0.0.rc1)
      builder (~> 3.1)
      erubi (~> 1.4)
      rails-dom-testing (~> 2.0)
      rails-html-sanitizer (~> 1.1, >= 1.2.0)
    activejob (7.0.0.rc1)
      activesupport (= 7.0.0.rc1)
      globalid (>= 0.3.6)
    activemodel (7.0.0.rc1)
      activesupport (= 7.0.0.rc1)
    activerecord (7.0.0.rc1)
      activemodel (= 7.0.0.rc1)
      activesupport (= 7.0.0.rc1)
    activestorage (7.0.0.rc1)
      actionpack (= 7.0.0.rc1)
      activejob (= 7.0.0.rc1)
      activerecord (= 7.0.0.rc1)
      activesupport (= 7.0.0.rc1)
      marcel (~> 1.0)
      mini_mime (>= 1.1.0)
    activestorage-validator (0.2.0)
      rails (>= 6.0.4.1)
    activesupport (7.0.0.rc1)
      concurrent-ruby (~> 1.0, >= 1.0.2)
      i18n (>= 1.6, < 2)
      minitest (>= 5.1)
      tzinfo (~> 2.0)
    addressable (2.8.0)
      public_suffix (>= 2.0.2, < 5.0)
    aliyun-sdk (0.8.0)
      nokogiri (~> 1.6)
      rest-client (~> 2.0)
    autoprefixer-rails (10.3.3.0)
      execjs (~> 2)
    aws-eventstream (1.2.0)
    aws-partitions (1.540.0)
    aws-sdk-core (3.124.0)
      aws-eventstream (~> 1, >= 1.0.2)
      aws-partitions (~> 1, >= 1.525.0)
      aws-sigv4 (~> 1.1)
      jmespath (~> 1.0)
    aws-sdk-kms (1.52.0)
      aws-sdk-core (~> 3, >= 3.122.0)
      aws-sigv4 (~> 1.1)
    aws-sdk-s3 (1.109.0)
      aws-sdk-core (~> 3, >= 3.122.0)
      aws-sdk-kms (~> 1)
      aws-sigv4 (~> 1.4)
    aws-sigv4 (1.4.0)
      aws-eventstream (~> 1, >= 1.0.2)
    azure-storage-blob (2.0.3)
      azure-storage-common (~> 2.0)
      nokogiri (~> 1, >= 1.10.8)
    azure-storage-common (2.0.4)
      faraday (~> 1.0)
      faraday_middleware (~> 1.0, >= 1.0.0.rc1)
      net-http-persistent (~> 4.0)
      nokogiri (~> 1, >= 1.10.8)
    bcrypt (3.1.16)
    bindex (0.8.1)
    bootsnap (1.9.3)
      msgpack (~> 1.0)
    bootstrap-sass (3.4.1)
      autoprefixer-rails (>= 5.2.1)
      sassc (>= 2.0.0)
    bootstrap-will_paginate (1.0.0)
      will_paginate
    builder (3.2.4)
    cancancan (3.3.0)
    capybara (3.36.0)
      addressable
      matrix
      mini_mime (>= 0.1.3)
      nokogiri (~> 1.8)
      rack (>= 1.6.0)
      rack-test (>= 0.6.3)
      regexp_parser (>= 1.5, < 3.0)
      xpath (~> 3.2)
    carrierwave (2.2.2)
      activemodel (>= 5.0.0)
      activesupport (>= 5.0.0)
      addressable (~> 2.6)
      image_processing (~> 1.1)
      marcel (~> 1.0.0)
      mini_mime (>= 0.1.3)
      ssrf_filter (~> 1.0)
    childprocess (4.1.0)
    concurrent-ruby (1.1.9)
    connection_pool (2.2.5)
    crass (1.0.6)
    debug (1.3.4)
      irb (>= 1.3.6)
      reline (>= 0.2.7)
    declarative (0.0.20)
    domain_name (0.5.20190701)
      unf (>= 0.0.5, < 1.0.0)
    dry-inflector (0.2.1)
    erubi (1.10.0)
    excon (0.89.0)
    execjs (2.8.1)
    faker (2.19.0)
      i18n (>= 1.6, < 2)
    faraday (1.8.0)
      faraday-em_http (~> 1.0)
      faraday-em_synchrony (~> 1.0)
      faraday-excon (~> 1.1)
      faraday-httpclient (~> 1.0.1)
      faraday-net_http (~> 1.0)
      faraday-net_http_persistent (~> 1.1)
      faraday-patron (~> 1.0)
      faraday-rack (~> 1.0)
      multipart-post (>= 1.2, < 3)
      ruby2_keywords (>= 0.0.4)
    faraday-em_http (1.0.0)
    faraday-em_synchrony (1.0.0)
    faraday-excon (1.1.0)
    faraday-httpclient (1.0.1)
    faraday-net_http (1.0.1)
    faraday-net_http_persistent (1.2.0)
    faraday-patron (1.0.0)
    faraday-rack (1.0.0)
    faraday_middleware (1.2.0)
      faraday (~> 1.0)
    ffi (1.15.4)
    fission (0.5.0)
      CFPropertyList (~> 2.2)
    fog (2.2.0)
      fog-aliyun (>= 0.1.0)
      fog-atmos
      fog-aws (>= 0.6.0)
      fog-brightbox (~> 0.4)
      fog-cloudatcost (~> 0.4)
      fog-cloudstack (~> 0.1.0)
      fog-core (~> 2.1)
      fog-digitalocean (>= 0.3.0)
      fog-dnsimple (~> 2.1)
      fog-dynect (~> 0.0.2)
      fog-ecloud (~> 0.1)
      fog-google (~> 1.0)
      fog-internet-archive
      fog-json
      fog-local
      fog-openstack
      fog-ovirt
      fog-powerdns (>= 0.1.1)
      fog-profitbricks
      fog-rackspace
      fog-radosgw (>= 0.0.2)
      fog-riakcs
      fog-sakuracloud (>= 0.0.4)
      fog-serverlove
      fog-softlayer
      fog-storm_on_demand
      fog-terremark
      fog-vmfusion
      fog-voxel
      fog-vsphere (>= 0.4.0)
      fog-xenserver
      fog-xml (~> 0.1.1)
      ipaddress (~> 0.5)
      json (~> 2.0)
    fog-aliyun (0.3.19)
      aliyun-sdk (~> 0.8.0)
      fog-core
      fog-json
      ipaddress (~> 0.8)
      xml-simple (~> 1.1)
    fog-atmos (0.1.0)
      fog-core
      fog-xml
    fog-aws (3.12.0)
      fog-core (~> 2.1)
      fog-json (~> 1.1)
      fog-xml (~> 0.1)
      ipaddress (~> 0.8)
    fog-brightbox (0.16.1)
      dry-inflector
      fog-core
      fog-json
      mime-types
    fog-cloudatcost (0.4.0)
      fog-core
      fog-json
      ipaddress
    fog-cloudstack (0.1.0)
      fog-core (~> 2.1)
      fog-json (~> 1.1)
      fog-xml (~> 0.1)
    fog-core (2.1.0)
      builder
      excon (~> 0.58)
      formatador (~> 0.2)
      mime-types
    fog-digitalocean (0.4.0)
      fog-core
      fog-json
      fog-xml
      ipaddress (>= 0.5)
    fog-dnsimple (2.1.0)
      fog-core (>= 1.38, < 3)
      fog-json
    fog-dynect (0.0.3)
      fog-core
      fog-json
      fog-xml
    fog-ecloud (0.3.0)
      fog-core
      fog-xml
    fog-google (1.17.0)
      fog-core (<= 2.1.0)
      fog-json (~> 1.2)
      fog-xml (~> 0.1.0)
      google-apis-compute_v1 (~> 0.14)
      google-apis-dns_v1 (~> 0.12)
      google-apis-iamcredentials_v1 (~> 0.6)
      google-apis-monitoring_v3 (~> 0.12)
      google-apis-pubsub_v1 (~> 0.7)
      google-apis-sqladmin_v1beta4 (~> 0.13)
      google-apis-storage_v1 (~> 0.6)
      google-cloud-env (~> 1.2)
    fog-internet-archive (0.0.2)
      fog-core
      fog-json
      fog-xml
    fog-json (1.2.0)
      fog-core
      multi_json (~> 1.10)
    fog-local (0.7.0)
      fog-core (>= 1.27, < 3.0)
    fog-openstack (1.0.11)
      fog-core (~> 2.1)
      fog-json (>= 1.0)
      ipaddress (>= 0.8)
    fog-ovirt (2.0.1)
      activesupport
      fog-core
      fog-json
      fog-xml
      ovirt-engine-sdk (>= 4.3.1)
    fog-powerdns (0.2.0)
      fog-core
      fog-json
      fog-xml
    fog-profitbricks (0.0.5)
      fog-core
      fog-xml
      nokogiri
    fog-rackspace (0.1.6)
      fog-core (>= 1.35)
      fog-json (>= 1.0)
      fog-xml (>= 0.1)
      ipaddress (>= 0.8)
    fog-radosgw (0.0.5)
      fog-core (>= 1.21.0)
      fog-json
      fog-xml (>= 0.0.1)
    fog-riakcs (0.1.0)
      fog-core
      fog-json
      fog-xml
    fog-sakuracloud (1.7.5)
      fog-core
      fog-json
    fog-serverlove (0.1.2)
      fog-core
      fog-json
    fog-softlayer (1.1.4)
      fog-core
      fog-json
    fog-storm_on_demand (0.1.1)
      fog-core
      fog-json
    fog-terremark (0.1.0)
      fog-core
      fog-xml
    fog-vmfusion (0.1.0)
      fission
      fog-core
    fog-voxel (0.1.0)
      fog-core
      fog-xml
    fog-vsphere (3.5.0)
      fog-core
      rbvmomi (>= 1.9, < 3)
    fog-xenserver (1.0.0)
      fog-core
      fog-xml
      xmlrpc
    fog-xml (0.1.4)
      fog-core
      nokogiri (>= 1.5.11, < 2.0.0)
    formatador (0.3.0)
    globalid (1.0.0)
      activesupport (>= 5.0)
    google-apis-compute_v1 (0.22.0)
      google-apis-core (>= 0.4, < 2.a)
    google-apis-core (0.4.1)
      addressable (~> 2.5, >= 2.5.1)
      googleauth (>= 0.16.2, < 2.a)
      httpclient (>= 2.8.1, < 3.a)
      mini_mime (~> 1.0)
      representable (~> 3.0)
      retriable (>= 2.0, < 4.a)
      rexml
      webrick
    google-apis-dns_v1 (0.16.0)
      google-apis-core (>= 0.4, < 2.a)
    google-apis-iamcredentials_v1 (0.9.0)
      google-apis-core (>= 0.4, < 2.a)
    google-apis-monitoring_v3 (0.18.0)
      google-apis-core (>= 0.4, < 2.a)
    google-apis-pubsub_v1 (0.11.0)
      google-apis-core (>= 0.4, < 2.a)
    google-apis-sqladmin_v1beta4 (0.21.0)
      google-apis-core (>= 0.4, < 2.a)
    google-apis-storage_v1 (0.10.0)
      google-apis-core (>= 0.4, < 2.a)
    google-cloud-env (1.5.0)
      faraday (>= 0.17.3, < 2.0)
    googleauth (1.1.0)
      faraday (>= 0.17.3, < 2.0)
      jwt (>= 1.4, < 3.0)
      memoist (~> 0.16)
      multi_json (~> 1.11)
      os (>= 0.9, < 2.0)
      signet (>= 0.16, < 2.a)
    http-accept (1.7.0)
    http-cookie (1.0.4)
      domain_name (~> 0.5)
    httpclient (2.8.3)
    i18n (1.8.11)
      concurrent-ruby (~> 1.0)
    image_processing (1.12.1)
      mini_magick (>= 4.9.5, < 5)
      ruby-vips (>= 2.0.17, < 3)
    importmap-rails (0.9.4)
      rails (>= 6.0.0)
    io-console (0.5.9)
    ipaddress (0.8.3)
    irb (1.3.7)
      reline (>= 0.2.7)
    jbuilder (2.11.3)
      activesupport (>= 5.0.0)
    jmespath (1.4.0)
    jquery-rails (4.4.0)
      rails-dom-testing (>= 1, < 3)
      railties (>= 4.2.0)
      thor (>= 0.14, < 2.0)
    json (2.6.1)
    jwt (2.3.0)
    loofah (2.13.0)
      crass (~> 1.0.2)
      nokogiri (>= 1.5.9)
    mail (2.7.1)
      mini_mime (>= 0.1.1)
    marcel (1.0.2)
    matrix (0.4.2)
    memoist (0.16.2)
    method_source (1.0.0)
    mime-types (3.4.1)
      mime-types-data (~> 3.2015)
    mime-types-data (3.2021.1115)
    mini_magick (4.11.0)
    mini_mime (1.1.2)
    mini_portile2 (2.6.1)
    minitest (5.14.4)
    msgpack (1.4.2)
    multi_json (1.15.0)
    multipart-post (2.1.1)
    net-http-persistent (4.0.1)
      connection_pool (~> 2.2)
    netrc (0.11.0)
    nio4r (2.5.8)
    nokogiri (1.12.5)
      mini_portile2 (~> 2.6.1)
      racc (~> 1.4)
    nokogiri (1.12.5-x86_64-linux)
      racc (~> 1.4)
    optimist (3.0.1)
    os (1.1.4)
    ovirt-engine-sdk (4.4.1)
      json (>= 1, < 3)
    pg (1.2.3)
    public_suffix (4.0.6)
    puma (5.5.2)
      nio4r (~> 2.0)
    racc (1.6.0)
    rack (2.2.3)
    rack-test (1.1.0)
      rack (>= 1.0, < 3)
    rails (7.0.0.rc1)
      actioncable (= 7.0.0.rc1)
      actionmailbox (= 7.0.0.rc1)
      actionmailer (= 7.0.0.rc1)
      actionpack (= 7.0.0.rc1)
      actiontext (= 7.0.0.rc1)
      actionview (= 7.0.0.rc1)
      activejob (= 7.0.0.rc1)
      activemodel (= 7.0.0.rc1)
      activerecord (= 7.0.0.rc1)
      activestorage (= 7.0.0.rc1)
      activesupport (= 7.0.0.rc1)
      bundler (>= 1.15.0)
      railties (= 7.0.0.rc1)
    rails-dom-testing (2.0.3)
      activesupport (>= 4.2.0)
      nokogiri (>= 1.6)
    rails-html-sanitizer (1.4.2)
      loofah (~> 2.3)
    rails_12factor (0.0.3)
      rails_serve_static_assets
      rails_stdout_logging
    rails_serve_static_assets (0.0.5)
    rails_stdout_logging (0.0.5)
    railties (7.0.0.rc1)
      actionpack (= 7.0.0.rc1)
      activesupport (= 7.0.0.rc1)
      method_source
      rake (>= 12.2)
      thor (~> 1.0)
      zeitwerk (~> 2.5)
    rake (13.0.6)
    rbvmomi (2.4.1)
      builder (~> 3.0)
      json (>= 1.8)
      nokogiri (~> 1.5)
      optimist (~> 3.0)
    regexp_parser (2.2.0)
    reline (0.2.7)
      io-console (~> 0.5)
    representable (3.1.1)
      declarative (< 0.1.0)
      trailblazer-option (>= 0.1.1, < 0.2.0)
      uber (< 0.2.0)
    rest-client (2.1.0)
      http-accept (>= 1.7.0, < 2.0)
      http-cookie (>= 1.0.2, < 2.0)
      mime-types (>= 1.16, < 4.0)
      netrc (~> 0.8)
    retriable (3.1.2)
    rexml (3.2.5)
    rmagick (4.2.4)
    ruby-vips (2.1.4)
      ffi (~> 1.12)
    ruby2_keywords (0.0.5)
    rubyzip (2.3.2)
    sass-rails (6.0.0)
      sassc-rails (~> 2.1, >= 2.1.1)
    sassc (2.4.0)
      ffi (~> 1.9)
    sassc-rails (2.1.2)
      railties (>= 4.0.0)
      sassc (>= 2.0)
      sprockets (> 3.0)
      sprockets-rails
      tilt
    selenium-webdriver (4.1.0)
      childprocess (>= 0.5, < 5.0)
      rexml (~> 3.2, >= 3.2.5)
      rubyzip (>= 1.2.2)
    signet (0.16.0)
      addressable (~> 2.8)
      faraday (>= 0.17.3, < 2.0)
      jwt (>= 1.5, < 3.0)
      multi_json (~> 1.10)
    sprockets (4.0.2)
      concurrent-ruby (~> 1.0)
      rack (> 1, < 3)
    sprockets-rails (3.4.1)
      actionpack (>= 5.2)
      activesupport (>= 5.2)
      sprockets (>= 3.0.0)
    ssrf_filter (1.0.7)
    stimulus-rails (0.7.3)
      rails (>= 6.0.0)
    thor (1.1.0)
    tilt (2.0.10)
    trailblazer-option (0.1.2)
    turbo-rails (0.9.0)
      rails (>= 6.0.0)
    turbolinks (5.2.1)
      turbolinks-source (~> 5.2)
    turbolinks-source (5.2.0)
    tzinfo (2.0.4)
      concurrent-ruby (~> 1.0)
    uber (0.1.0)
    unf (0.1.4)
      unf_ext
    unf_ext (0.0.8)
    web-console (4.2.0)
      actionview (>= 6.0.0)
      activemodel (>= 6.0.0)
      bindex (>= 0.4.0)
      railties (>= 6.0.0)
    webdrivers (5.0.0)
      nokogiri (~> 1.6)
      rubyzip (>= 1.3.0)
      selenium-webdriver (~> 4.0)
    webrick (1.7.0)
    websocket-driver (0.7.5)
      websocket-extensions (>= 0.1.0)
    websocket-extensions (0.1.5)
    will_paginate (3.3.1)
    xml-simple (1.1.9)
      rexml
    xmlrpc (0.3.2)
      webrick
    xpath (3.2.0)
      nokogiri (~> 1.8)
    zeitwerk (2.5.1)

PLATFORMS
  ruby
  x86_64-linux

DEPENDENCIES
  activestorage-validator
  aws-sdk-s3
  azure-storage-blob
  bcrypt
  bootsnap (>= 1.4.4)
  bootstrap-sass
  bootstrap-will_paginate
  cancancan
  capybara (>= 3.26)
  carrierwave
  debug (>= 1.0.0)
  faker
  fog
  image_processing (~> 1.2)
  importmap-rails (>= 0.9.2)
  jbuilder (~> 2.11)
  jquery-rails
  mini_magick
  pg (~> 1.1)
  puma (~> 5.0)
  rails (~> 7.0.0.rc1)
  rails_12factor
  rmagick
  sass-rails (>= 6)
  selenium-webdriver (>= 4.0.0)
  sprockets-rails (>= 3.4.1)
  stimulus-rails (>= 0.7.3)
  turbo-rails (>= 0.9.0)
  turbolinks (~> 5)
  tzinfo-data
  web-console (>= 4.1.0)
  webdrivers
  will_paginate

RUBY VERSION
   ruby 3.0.2p107

BUNDLED WITH
   2.2.32
